GEM
  remote: https://rubygems.org/
  specs:
    byebug (9.1.0)
    json (2.1.0)
    puma (3.11.0)
    rack (2.0.3)

PLATFORMS
  ruby

DEPENDENCIES
  byebug
  json
  puma
  rack

RUBY VERSION
   ruby 2.5.0p0

BUNDLED WITH
   1.16.1
